GEM
  remote: https://rubygems.org/
  specs:
    aws-sdk-v1 (1.63.0)
      json (~> 1.4)
      nokogiri (>= 1.4.4)
    eb_deployer (0.4.13)
      aws-sdk-v1 (~> 1, >= 1.61.0)
    hologram (1.4.0)
      redcarpet (>= 2.2, < 4.0)
      rouge (>= 1.5)
    json (1.8.1)
    mini_portile (0.6.2)
    nokogiri (1.6.6.2)
      mini_portile (~> 0.6.0)
    rainbow (2.0.0)
    redcarpet (3.2.3)
    rouge (1.8.0)
    sass (3.4.13)
    scss-lint (0.34.0)
      rainbow (~> 2.0)
      sass (~> 3.4.1)

PLATFORMS
  ruby

DEPENDENCIES
  eb_deployer
  hologram
  sass
  scss-lint (~> 0.34.0)
